GEM
  remote: http://ruby.taobao.org/
  specs:
    active_support (3.0.0)
      activesupport (= 3.0.0)
    activesupport (3.0.0)
    childprocess (0.3.9)
      ffi (~> 1.0, >= 1.0.11)
    data_magic (0.14)
      faker (>= 1.1.2)
      yml_reader (>= 0.2)
    diff-lcs (1.2.4)
    faker (1.1.2)
      i18n (~> 0.5)
    ffi (1.9.0)
    git (1.2.5)
    i18n (0.6.4)
    jeweler (1.8.3)
      bundler (~> 1.0)
      git (>= 1.2.5)
      rake
      rdoc
    json (1.7.7)
    multi_json (1.7.7)
    page-object (0.8.6.1)
      page_navigation (>= 0.7)
      selenium-webdriver (>= 2.31.0)
      watir-webdriver (>= 0.6.2)
    page_navigation (0.9)
      data_magic (>= 0.14)
    rake (10.0.3)
    rdoc (3.12)
      json (~> 1.4)
    rspec (2.13.0)
      rspec-core (~> 2.13.0)
      rspec-expectations (~> 2.13.0)
      rspec-mocks (~> 2.13.0)
    rspec-core (2.13.1)
    rspec-expectations (2.13.0)
      diff-lcs (>= 1.1.3, < 2.0)
    rspec-mocks (2.13.1)
    rubyzip (0.9.9)
    selenium-webdriver (2.33.0)
      childprocess (>= 0.2.5)
      multi_json (~> 1.0)
      rubyzip
      websocket (~> 1.0.4)
    thor (0.14.6)
    watir-webdriver (0.6.4)
      selenium-webdriver (>= 2.18.0)
    websocket (1.0.7)
    yml_reader (0.2)

PLATFORMS
  ruby

DEPENDENCIES
  active_support (~> 3.0.0)
  bundler (>= 1.0.0)
  jeweler
  page-object (>= 0.8.6.1)
  rdoc (~> 3.12)
  rspec (~> 2.13.0)
  thor (~> 0.14.6)
